PATH
  remote: .
  specs:
    ruby_tracklib (0.1.0)
      bundler (~> 1.17)
      rake (~> 12.3)
      rutie (~> 0.0.4)

GEM
  remote: https://rubygems.org/
  specs:
    minitest (5.11.3)
    rake (12.3.3)
    rutie (0.0.4)

PLATFORMS
  ruby

DEPENDENCIES
  minitest (~> 5.11)
  ruby_tracklib!

BUNDLED WITH
   1.17.3
