PATH
  remote: .
  specs:
    ruby_tracklib (0.1.0)
      rutie (~> 0.0.4)

GEM
  remote: https://rubygems.org/
  specs:
    minitest (5.11.3)
    rake (10.5.0)
    rutie (0.0.4)

PLATFORMS
  ruby

DEPENDENCIES
  minitest (~> 5.11)
  rake (~> 10.0)
  ruby_tracklib!

BUNDLED WITH
   2.0.2
